PATH
  remote: .
  specs:
    tassadar-server (0.1.0)
      grape
      grape-rabl
      rack-throttle
      redis
      tassadar

GEM
  remote: https://rubygems.org/
  specs:
    activesupport (4.0.2)
      i18n (~> 0.6, >= 0.6.4)
      minitest (~> 4.2)
      multi_json (~> 1.3)
      thread_safe (~> 0.1)
      tzinfo (~> 0.3.37)
    atomic (1.1.14)
    axiom-types (0.0.5)
      descendants_tracker (~> 0.0.1)
      ice_nine (~> 0.9)
    backports (3.3.5)
    bindata (1.6.0)
    builder (3.2.2)
    bump (0.3.8)
    coercible (0.2.0)
      backports (~> 3.0, >= 3.1.0)
      descendants_tracker (~> 0.0.1)
    descendants_tracker (0.0.3)
    diff-lcs (1.1.3)
    equalizer (0.0.8)
    grape (0.6.1)
      activesupport
      builder
      hashie (>= 1.2.0)
      multi_json (>= 1.3.2)
      multi_xml (>= 0.5.2)
      rack (>= 1.3.0)
      rack-accept
      rack-mount
      virtus (>= 1.0.0)
    grape-rabl (0.2.2)
      grape
      i18n
      rabl
      tilt
    hashie (2.0.5)
    i18n (0.6.9)
    ice_nine (0.10.0)
    json_spec (1.1.0)
      multi_json (~> 1.0)
      rspec (~> 2.0)
    minitest (4.7.5)
    multi_json (1.5.0)
    multi_xml (0.5.5)
    rabl (0.9.2)
      activesupport (>= 2.3.14)
    rack (1.4.1)
    rack-accept (0.4.5)
      rack (>= 0.4)
    rack-mount (0.8.3)
      rack (>= 1.0.0)
    rack-test (0.6.1)
      rack (>= 1.0)
    rack-throttle (0.3.0)
      rack (>= 1.0.0)
    rbzip2 (0.2.0)
    redis (3.0.6)
    rspec (2.11.0)
      rspec-core (~> 2.11.0)
      rspec-expectations (~> 2.11.0)
      rspec-mocks (~> 2.11.0)
    rspec-core (2.11.1)
    rspec-expectations (2.11.3)
      diff-lcs (~> 1.1.3)
    rspec-mocks (2.11.2)
    tassadar (0.3.0)
      bindata
      rbzip2
    thread_safe (0.1.3)
      atomic
    tilt (2.0.0)
    tzinfo (0.3.38)
    virtus (1.0.0)
      axiom-types (~> 0.0.5)
      coercible (~> 0.2)
      descendants_tracker (~> 0.0.1)
      equalizer (~> 0.0.7)

PLATFORMS
  ruby

DEPENDENCIES
  bump
  json_spec
  rack-test
  rspec
  tassadar-server!
